GEM
  remote: https://rubygems.org/
  specs:
    aasm (5.1.1)
      concurrent-ruby (~> 1.0)
    alpaca-trade-api (0.6.0)
      faraday (~> 0.15)
    alphavantagerb (1.4.0)
      httparty (>= 0.15.6)
      humanize (>= 1.7.0)
    byebug (11.1.3)
    coderay (1.1.3)
    colorize (0.8.1)
    concurrent-ruby (1.1.7)
    faraday (0.17.3)
      multipart-post (>= 1.2, < 3)
    httparty (0.18.1)
      mime-types (~> 3.0)
      multi_xml (>= 0.5.2)
    humanize (2.4.3)
    method_source (1.0.0)
    mime-types (3.3.1)
      mime-types-data (~> 3.2015)
    mime-types-data (3.2020.0512)
    multi_xml (0.6.0)
    multipart-post (2.1.1)
    pry (0.13.1)
      coderay (~> 1.1)
      method_source (~> 1.0)
    pry-byebug (3.9.0)
      byebug (~> 11.0)
      pry (~> 0.13.0)

PLATFORMS
  ruby

DEPENDENCIES
  aasm
  alpaca-trade-api
  alphavantagerb
  colorize
  concurrent-ruby
  pry-byebug

BUNDLED WITH
   2.1.4
